GEM
  remote: https://rubygems.org/
  specs:
    minitest (5.18.0)

PLATFORMS
  x86_64-linux

DEPENDENCIES
  minitest (~> 5.18)

RUBY VERSION
   ruby 3.2.0p0

BUNDLED WITH
   2.4.6
